GEM
  remote: https://rubygems.org/
  specs:
    liner (0.2.4)
    memoizable (0.4.2)
      thread_safe (~> 0.3, >= 0.3.1)
    parslet (2.0.0)
    signed_multiset (0.2.1)
    thread_safe (0.3.6)
    unitwise (2.3.0)
      liner (~> 0.2)
      memoizable (~> 0.4)
      parslet (~> 2.0)
      signed_multiset (~> 0.2)

PLATFORMS
  ruby
  x86_64-darwin-21

DEPENDENCIES
  unitwise (>= 1.1.0)

BUNDLED WITH
   2.5.10
