GEM
  remote: https://rubygems.org/
  specs:
    fiddle (1.1.2)
    gr-plot (0.0.1)
      ruby-gr
    liner (0.2.4)
    memoizable (0.4.2)
      thread_safe (~> 0.3, >= 0.3.1)
    numo-narray (0.9.2.1)
    parslet (2.0.0)
    pkg-config (1.5.6)
    ruby-gr (0.72.9.0)
      fiddle (>= 1.1.0)
      numo-narray
      pkg-config
    signed_multiset (0.2.1)
    slop (4.10.1)
    thread_safe (0.3.6)
    unitwise (2.3.0)
      liner (~> 0.2)
      memoizable (~> 0.4)
      parslet (~> 2.0)
      signed_multiset (~> 0.2)

PLATFORMS
  ruby
  x86_64-darwin-21

DEPENDENCIES
  gr-plot
  slop (>= 3.5.1)
  unitwise (>= 1.1.0)

RUBY VERSION
   ruby 3.3.1p55

BUNDLED WITH
   2.5.10
